PATH
  remote: .
  specs:
    rest (2.6.1)
      net-http-persistent
      rest-client (>= 0.3.0)

GEM
  remote: https://rubygems.org/
  specs:
    ethon (0.5.12)
      ffi (>= 1.3.0)
      mime-types (~> 1.18)
    excon (0.21.0)
    ffi (1.8.1)
    mime-types (1.23)
    minitest (5.0.0)
    net-http-persistent (2.8)
    quicky (0.4.0)
    rake (10.0.4)
    rest-client (1.6.7)
      mime-types (>= 1.16)
    test-unit (2.5.4)
    typhoeus (0.6.3)
      ethon (~> 0.5.11)
    uber_config (1.0.5)

PLATFORMS
  ruby

DEPENDENCIES
  excon
  minitest
  quicky (>= 0.4.0)
  rake
  rest!
  test-unit
  typhoeus (>= 0.5.4)
  uber_config
