PATH
  remote: .
  specs:
    rest (2.2.0)
      net-http-persistent
      rest-client (>= 0.3.0)

GEM
  remote: https://rubygems.org/
  specs:
    ethon (0.5.7)
      ffi (~> 1.2.0)
      mime-types (~> 1.18)
    excon (0.16.10)
    ffi (1.2.1)
    mime-types (1.19)
    minitest (4.4.0)
    net-http-persistent (2.8)
    quicky (0.4.0)
    rake (10.0.3)
    rest-client (1.6.7)
      mime-types (>= 1.16)
    test-unit (2.5.3)
    typhoeus (0.5.4)
      ethon (~> 0.5.7)
    uber_config (1.0.5)

PLATFORMS
  ruby

DEPENDENCIES
  excon
  minitest
  quicky (>= 0.4.0)
  rake
  rest!
  test-unit
  typhoeus (>= 0.5.4)
  uber_config
