PATH
  remote: .
  specs:
    rest (2.7.1)
      net-http-persistent (>= 2.9.1)

GEM
  remote: https://rubygems.org/
  specs:
    ethon (0.7.1)
      ffi (>= 1.3.0)
    excon (0.41.0)
    ffi (1.9.6)
    minitest (5.4.3)
    net-http-persistent (2.9.4)
    power_assert (0.2.1)
    quicky (0.4.0)
    rake (10.3.2)
    test-unit (3.0.7)
      power_assert
    typhoeus (0.6.9)
      ethon (>= 0.7.1)
    uber_config (1.1.1)

PLATFORMS
  ruby

DEPENDENCIES
  excon
  minitest
  quicky (>= 0.4.0)
  rake
  rest!
  test-unit
  typhoeus (>= 0.5.4)
  uber_config
