PATH
  remote: .
  specs:
    rest (1.0.0)
      rest-client (>= 0.3.0)

GEM
  remote: https://rubygems.org/
  specs:
    mime-types (1.18)
    rake (0.9.2.2)
    rest-client (1.6.7)
      mime-types (>= 1.16)
    test-unit (2.5.0)
    uber_config (0.0.3)

PLATFORMS
  ruby

DEPENDENCIES
  rake
  rest!
  test-unit
  uber_config
