PATH
  remote: .
  specs:
    rest (3.0.9)
      net-http-persistent (>= 2.9.1)
      netrc
      pry (= 0.9)

GEM
  remote: https://rubygems.org/
  specs:
    coderay (1.1.0)
    method_source (0.8.2)
    net-http-persistent (2.9.4)
    netrc (0.10.3)
    pry (0.9.0)
      coderay (>= 0.9.8)
      method_source (>= 0.6.0)
      ruby_parser (>= 2.0.5)
      slop (~> 1.9.0)
    ruby_parser (3.6.4)
      sexp_processor (~> 4.1)
    sexp_processor (4.4.5)
    slop (1.9.1)

PLATFORMS
  ruby

DEPENDENCIES
  rest!
