PATH
  remote: .
  specs:
    rest (2.1.1)
      net-http-persistent
      rest-client (>= 0.3.0)

GEM
  remote: https://rubygems.org/
  specs:
    excon (0.16.3)
    ffi (1.1.5)
    mime-types (1.19)
    minitest (3.5.0)
    net-http-persistent (2.8)
    quicky (0.1.1)
    rake (0.9.2.2)
    rest-client (1.6.7)
      mime-types (>= 1.16)
    test-unit (2.5.2)
    typhoeus (0.4.2)
      ffi (~> 1.0)
      mime-types (~> 1.18)
    uber_config (0.0.6)

PLATFORMS
  ruby

DEPENDENCIES
  excon
  minitest
  quicky
  rake
  rest!
  test-unit
  typhoeus
  uber_config
